GEM
  remote: https://rubygems.org/
  specs:
    geocoder (1.1.5)
    nokogiri (1.5.5)

PLATFORMS
  ruby

DEPENDENCIES
  geocoder
  nokogiri
